PATH
  remote: .
  specs:
    doorman (1.5.0)
      geocoder
      haml
      mail
      mongoid
      rack
      rack-contrib
      rest-client
      sinatra
      sinatra-flash
      sinatra-partial
      warden

GEM
  remote: http://rubygems.org/
  specs:
    activemodel (5.2.3)
      activesupport (= 5.2.3)
    activesupport (5.2.3)
      concurrent-ruby (~> 1.0, >= 1.0.2)
      i18n (>= 0.7, < 2)
      minitest (~> 5.1)
      tzinfo (~> 1.1)
    bson (4.5.0)
    concurrent-ruby (1.1.5)
    domain_name (0.5.20180417)
      unf (>= 0.0.5, < 1.0.0)
    geocoder (1.5.1)
    haml (5.1.1)
      temple (>= 0.8.0)
      tilt
    http-cookie (1.0.3)
      domain_name (~> 0.5)
    i18n (1.6.0)
      concurrent-ruby (~> 1.0)
    mail (2.7.1)
      mini_mime (>= 0.1.1)
    mime-types (3.2.2)
      mime-types-data (~> 3.2015)
    mime-types-data (3.2019.0331)
    mini_mime (1.0.1)
    minitest (5.11.3)
    mongo (2.9.0)
      bson (>= 4.4.2, < 5.0.0)
    mongoid (7.0.4)
      activemodel (>= 5.1, < 6.0.0)
      mongo (>= 2.5.1, < 3.0.0)
    mustermann (1.0.3)
    netrc (0.11.0)
    rack (2.0.7)
    rack-contrib (2.1.0)
      rack (~> 2.0)
    rack-protection (2.0.5)
      rack
    rest-client (2.0.2)
      http-cookie (>= 1.0.2, < 2.0)
      mime-types (>= 1.16, < 4.0)
      netrc (~> 0.8)
    sinatra (2.0.5)
      mustermann (~> 1.0)
      rack (~> 2.0)
      rack-protection (= 2.0.5)
      tilt (~> 2.0)
    sinatra-flash (0.3.0)
      sinatra (>= 1.0.0)
    sinatra-partial (1.0.1)
      sinatra (>= 1.4)
    temple (0.8.1)
    thread_safe (0.3.6)
    tilt (2.0.9)
    tzinfo (1.2.5)
      thread_safe (~> 0.1)
    unf (0.1.4)
      unf_ext
    unf_ext (0.0.7.6)
    warden (1.2.8)
      rack (>= 2.0.6)

PLATFORMS
  ruby

DEPENDENCIES
  doorman!

BUNDLED WITH
   1.17.3
